GEM
  remote: https://rubygems.org/
  specs:
    activemodel (4.1.6)
      activesupport (= 4.1.6)
      builder (~> 3.1)
    activesupport (4.1.6)
      i18n (~> 0.6, >= 0.6.9)
      json (~> 1.7, >= 1.7.7)
      minitest (~> 5.1)
      thread_safe (~> 0.1)
      tzinfo (~> 1.1)
    builder (3.2.2)
    daemons (1.1.9)
    i18n (0.6.11)
    json (1.8.1)
    mini_portile (0.6.0)
    minitest (5.4.2)
    mustache (0.99.7)
    nokogiri (1.6.3.1)
      mini_portile (= 0.6.0)
    om (3.1.0)
      activemodel
      activesupport
      nokogiri (>= 1.4.2)
      solrizer (~> 3.3)
    solrizer (3.3.0)
      activesupport
      daemons
      nokogiri
      stomp
      xml-simple
    stomp (1.3.3)
    thread_safe (0.3.4)
    trollop (2.0)
    tzinfo (1.2.2)
      thread_safe (~> 0.1)
    xml-simple (1.1.4)

PLATFORMS
  ruby

DEPENDENCIES
  mustache
  om
  trollop
